GEM
  remote: https://rubygems.org/
  specs:
    aasm (5.0.8)
      concurrent-ruby (~> 1.0)
    concurrent-ruby (1.1.6)

PLATFORMS
  ruby

DEPENDENCIES
  aasm

BUNDLED WITH
   1.17.3
